GEM
  remote: http://rubygems.org/
  specs:
    commonjs (0.2.6)
    less (2.3.2)
      commonjs (~> 0.2.6)
    pandoc-ruby (0.7.4)

PLATFORMS
  ruby

DEPENDENCIES
  less
  pandoc-ruby
